GEM
  remote: https://rubygems.org/
  specs:
    minitest (5.9.1)
    rake (13.0.1)
    rr (1.2.0)

PLATFORMS
  ruby

DEPENDENCIES
  minitest
  rake (~> 13.0)
  rr

BUNDLED WITH
   1.17.3
