GEM
  remote: https://rubygems.org/
  specs:
    minitest (5.14.0)
    rake (10.5.0)
    rr (1.2.1)

PLATFORMS
  ruby

DEPENDENCIES
  minitest
  rake (~> 10.0)
  rr

BUNDLED WITH
   1.17.3
